GEM
  remote: https://rubygems.org/
  specs:
    debase (0.2.2)
      debase-ruby_core_source (>= 0.10.2)
    debase-ruby_core_source (0.10.3)
    rake (13.0.1)
    ruby-debug-ide (0.6.1)
      rake (>= 0.8.1)

PLATFORMS
  ruby
  x64-mingw32

DEPENDENCIES
  debase
  ruby-debug-ide

BUNDLED WITH
   1.16.6
